GEM
  remote: https://www.rubygems.org/
  specs:
    rack (2.1.4)

PLATFORMS
  ruby

DEPENDENCIES
  rack (~> 2.1.4)

BUNDLED WITH
   1.16.1
