GEM
  remote: https://www.rubygems.org/
  specs:
    rack (2.0.6)

PLATFORMS
  ruby

DEPENDENCIES
  rack (~> 2.0.6)

BUNDLED WITH
   1.16.1
